PATH
  remote: .
  specs:
    firebase-auth-id_token_keeper (0.1.0)
      jwt (~> 1.5.6)

GEM
  remote: https://rubygems.org/
  specs:
    diff-lcs (1.3)
    jwt (1.5.6)
    rake (10.5.0)
    rspec (3.8.0)
      rspec-core (~> 3.8.0)
      rspec-expectations (~> 3.8.0)
      rspec-mocks (~> 3.8.0)
    rspec-core (3.8.0)
      rspec-support (~> 3.8.0)
    rspec-expectations (3.8.1)
      diff-lcs (>= 1.2.0, < 2.0)
      rspec-support (~> 3.8.0)
    rspec-mocks (3.8.0)
      diff-lcs (>= 1.2.0, < 2.0)
      rspec-support (~> 3.8.0)
    rspec-support (3.8.0)

PLATFORMS
  ruby

DEPENDENCIES
  bundler (~> 1.16)
  firebase-auth-id_token_keeper!
  rake (~> 10.0)
  rspec (~> 3.0)

BUNDLED WITH
   1.16.1
